GEM
  remote: https://rubygems.org/
  specs:
    activesupport (5.0.0)
      concurrent-ruby (~> 1.0, >= 1.0.2)
      i18n (~> 0.7)
      minitest (~> 5.1)
      tzinfo (~> 1.1)
    ast (2.3.0)
    axiom-types (0.1.1)
      descendants_tracker (~> 0.0.4)
      ice_nine (~> 0.11.0)
      thread_safe (~> 0.3, >= 0.3.1)
    builder (3.2.2)
    byebug (9.0.5)
    cane (3.0.0)
      parallel
    coercible (1.0.0)
      descendants_tracker (~> 0.0.1)
    concurrent-ruby (1.0.2)
    descendants_tracker (0.0.4)
      thread_safe (~> 0.3, >= 0.3.1)
    diff-lcs (1.2.5)
    docile (1.1.5)
    enumerable-lazy (0.0.1)
    equalizer (0.0.11)
    grape (0.16.2)
      activesupport
      builder
      hashie (>= 2.1.0)
      multi_json (>= 1.3.2)
      multi_xml (>= 0.5.2)
      mustermann19 (~> 0.4.3)
      rack (>= 1.3.0)
      rack-accept
      virtus (>= 1.0.0)
    hashie (3.4.4)
    i18n (0.7.0)
    ice_nine (0.11.2)
    json (2.0.1)
    minitest (5.9.0)
    multi_json (1.12.1)
    multi_xml (0.5.5)
    mustermann19 (0.4.4)
      enumerable-lazy
    parallel (1.9.0)
    parser (2.3.1.2)
      ast (~> 2.2)
    powerpack (0.1.1)
    rack (2.0.1)
    rack-accept (0.4.5)
      rack (>= 0.4)
    rack-test (0.6.3)
      rack (>= 1.0)
    rainbow (2.1.0)
    rake (10.4.2)
    rspec (3.5.0)
      rspec-core (~> 3.5.0)
      rspec-expectations (~> 3.5.0)
      rspec-mocks (~> 3.5.0)
    rspec-core (3.5.0)
      rspec-support (~> 3.5.0)
    rspec-expectations (3.5.0)
      diff-lcs (>= 1.2.0, < 2.0)
      rspec-support (~> 3.5.0)
    rspec-its (1.2.0)
      rspec-core (>= 3.0.0)
      rspec-expectations (>= 3.0.0)
    rspec-mocks (3.5.0)
      diff-lcs (>= 1.2.0, < 2.0)
      rspec-support (~> 3.5.0)
    rspec-support (3.5.0)
    rubocop (0.41.1)
      parser (>= 2.3.1.1, < 3.0)
      powerpack (~> 0.1)
      rainbow (>= 1.99.1, < 3.0)
      ruby-progressbar (~> 1.7)
      unicode-display_width (~> 1.0, >= 1.0.1)
    ruby-progressbar (1.8.1)
    simplecov (0.12.0)
      docile (~> 1.1.0)
      json (>= 1.8, < 3)
      simplecov-html (~> 0.10.0)
    simplecov-html (0.10.0)
    thread_safe (0.3.5)
    tzinfo (1.2.2)
      thread_safe (~> 0.1)
    unicode-display_width (1.1.0)
    virtus (1.0.5)
      axiom-types (~> 0.1)
      coercible (~> 1.0)
      descendants_tracker (~> 0.0, >= 0.0.3)
      equalizer (~> 0.0, >= 0.0.9)

PLATFORMS
  ruby

DEPENDENCIES
  byebug
  cane
  grape
  rack-test
  rake
  rspec
  rspec-its
  rubocop
  simplecov

BUNDLED WITH
   1.12.5
